GEM
  remote: https://rubygems.org/
  specs:
    concurrent-ruby (1.1.4)
    i18n (1.5.3)
      concurrent-ruby (~> 1.0)
    mini_portile2 (2.4.0)
    nokogiri (1.10.4)
      mini_portile2 (~> 2.4.0)
    ttfunk (1.5.1)

PLATFORMS
  ruby

DEPENDENCIES
  i18n
  nokogiri
  ttfunk (~> 1.5.1)

BUNDLED WITH
   2.0.1
